PATH
  remote: .
  specs:
    refinerycms-calendar (1.1.0)
      refinerycms-core (~> 1.0.0)

GEM
  remote: http://rubygems.org/
  specs:
    abstract (1.0.0)
    actionmailer (3.0.12)
      actionpack (= 3.0.12)
      mail (~> 2.2.19)
    actionpack (3.0.12)
      activemodel (= 3.0.12)
      activesupport (= 3.0.12)
      builder (~> 2.1.2)
      erubis (~> 2.6.6)
      i18n (~> 0.5.0)
      rack (~> 1.2.5)
      rack-mount (~> 0.6.14)
      rack-test (~> 0.5.7)
      tzinfo (~> 0.3.23)
    activemodel (3.0.12)
      activesupport (= 3.0.12)
      builder (~> 2.1.2)
      i18n (~> 0.5.0)
    activerecord (3.0.12)
      activemodel (= 3.0.12)
      activesupport (= 3.0.12)
      arel (~> 2.0.10)
      tzinfo (~> 0.3.23)
    activeresource (3.0.12)
      activemodel (= 3.0.12)
      activesupport (= 3.0.12)
    activesupport (3.0.12)
    acts_as_indexed (0.7.8)
    addressable (2.2.7)
    arel (2.0.10)
    awesome_nested_set (2.1.3)
      activerecord (>= 3.0.0)
    babosa (0.3.7)
    builder (2.1.2)
    capybara (1.1.2)
      mime-types (>= 1.16)
      nokogiri (>= 1.3.3)
      rack (>= 1.0.0)
      rack-test (>= 0.5.4)
      selenium-webdriver (~> 2.0)
      xpath (~> 0.1.4)
    childprocess (0.3.2)
      ffi (~> 1.0.6)
    cucumber (1.1.9)
      builder (>= 2.1.2)
      diff-lcs (>= 1.1.2)
      gherkin (~> 2.9.0)
      json (>= 1.4.6)
      term-ansicolor (>= 1.0.6)
    cucumber-rails (1.0.6)
      capybara (>= 1.1.1)
      cucumber (>= 1.0.6)
      nokogiri (>= 1.5.0)
    database_cleaner (0.7.2)
    diff-lcs (1.1.3)
    erubis (2.6.6)
      abstract (>= 1.0.0)
    factory_girl (3.1.1)
      activesupport (>= 3.0.0)
    ffi (1.0.11)
    friendly_id_globalize3 (3.2.1.6)
      babosa (~> 0.3.0)
    fuubar (1.0.0)
      rspec (~> 2.0)
      rspec-instafail (~> 0.2.0)
      ruby-progressbar (~> 0.0.10)
    gherkin (2.9.3)
      json (>= 1.4.6)
    globalize3 (0.2.0)
      activemodel (>= 3.0.0)
      activerecord (>= 3.0.0)
      paper_trail (~> 2)
    i18n (0.5.0)
    json (1.6.6)
    json_pure (1.6.6)
    launchy (2.1.0)
      addressable (~> 2.2.6)
    libwebsocket (0.1.3)
      addressable
    mail (2.2.19)
      activesupport (>= 2.3.6)
      i18n (>= 0.4.0)
      mime-types (~> 1.16)
      treetop (~> 1.4.8)
    mime-types (1.18)
    multi_json (1.3.2)
    nokogiri (1.5.2)
    paper_trail (2.6.3)
      activerecord (~> 3.0)
      railties (~> 3.0)
    polyglot (0.3.3)
    rack (1.2.5)
    rack-mount (0.6.14)
      rack (>= 1.0.0)
    rack-test (0.5.7)
      rack (>= 1.0)
    rails (3.0.12)
      actionmailer (= 3.0.12)
      actionpack (= 3.0.12)
      activerecord (= 3.0.12)
      activeresource (= 3.0.12)
      activesupport (= 3.0.12)
      bundler (~> 1.0)
      railties (= 3.0.12)
    railties (3.0.12)
      actionpack (= 3.0.12)
      activesupport (= 3.0.12)
      rake (>= 0.8.7)
      rdoc (~> 3.4)
      thor (~> 0.14.4)
    rake (0.9.2.2)
    rdoc (3.12)
      json (~> 1.4)
    refinerycms-base (1.0.10)
    refinerycms-core (1.0.10)
      acts_as_indexed (~> 0.7)
      awesome_nested_set (~> 2.0)
      friendly_id_globalize3 (~> 3.2.1)
      globalize3 (~> 0.2.0.beta4)
      rails (~> 3.0.10)
      refinerycms-base (= 1.0.10)
      refinerycms-generators (~> 1.0)
      refinerycms-settings (= 1.0.10)
      truncate_html (~> 0.5)
      will_paginate (~> 3.0.0)
    refinerycms-generators (1.0.4)
    refinerycms-settings (1.0.10)
      activerecord (~> 3.0.10)
      refinerycms-base (= 1.0.10)
    refinerycms-testing (1.0.10)
      cucumber-rails (~> 1.0.0)
      database_cleaner
      factory_girl
      fuubar
      json_pure
      launchy
      rack-test (>= 0.5.6)
      refinerycms-core (= 1.0.10)
      rspec-instafail
      rspec-rails (~> 2.6)
    rspec (2.9.0)
      rspec-core (~> 2.9.0)
      rspec-expectations (~> 2.9.0)
      rspec-mocks (~> 2.9.0)
    rspec-core (2.9.0)
    rspec-expectations (2.9.1)
      diff-lcs (~> 1.1.3)
    rspec-instafail (0.2.4)
    rspec-mocks (2.9.0)
    rspec-rails (2.9.0)
      actionpack (>= 3.0)
      activesupport (>= 3.0)
      railties (>= 3.0)
      rspec (~> 2.9.0)
    ruby-progressbar (0.0.10)
    rubyzip (0.9.7)
    selenium-webdriver (2.21.2)
      childprocess (>= 0.2.5)
      ffi (~> 1.0)
      libwebsocket (~> 0.1.3)
      multi_json (~> 1.0)
      rubyzip
    term-ansicolor (1.0.7)
    thor (0.14.6)
    treetop (1.4.10)
      polyglot
      polyglot (>= 0.3.1)
    truncate_html (0.5.4)
    tzinfo (0.3.33)
    will_paginate (3.0.3)
    xpath (0.1.4)
      nokogiri (~> 1.3)

PLATFORMS
  ruby

DEPENDENCIES
  refinerycms-calendar!
  refinerycms-testing (~> 1.0.0)
